GEM
  remote: https://rubygems.org/
  specs:
    json (2.3.1)
    sqlite3 (1.4.2)

PLATFORMS
  ruby

DEPENDENCIES
  json
  sqlite3

BUNDLED WITH
   2.1.4
